GIT
  remote: git://github.com/mongoid/mongoid.git
  revision: 88599cf64c3d6df9a1277178ced69cd45d30c2f1
  specs:
    mongoid (4.0.0)
      activemodel (~> 4.0.0)
      moped (~> 1.5)
      origin (~> 1.0)
      tzinfo (~> 0.3.22)

GIT
  remote: git://github.com/ninetwentyfour/mongoid-rspec.git
  revision: a883c94e063a3a278745f43d728175f0c140baa3
  specs:
    mongoid-rspec (1.8.2)
      mongoid (>= 3.0.1)
      rake
      rspec

GEM
  remote: https://rubygems.org/
  specs:
    actionmailer (4.0.3)
      actionpack (= 4.0.3)
      mail (~> 2.5.4)
    actionpack (4.0.3)
      activesupport (= 4.0.3)
      builder (~> 3.1.0)
      erubis (~> 2.7.0)
      rack (~> 1.5.2)
      rack-test (~> 0.6.2)
    activemodel (4.0.3)
      activesupport (= 4.0.3)
      builder (~> 3.1.0)
    activerecord (4.0.3)
      activemodel (= 4.0.3)
      activerecord-deprecated_finders (~> 1.0.2)
      activesupport (= 4.0.3)
      arel (~> 4.0.0)
    activerecord-deprecated_finders (1.0.3)
    activesupport (4.0.3)
      i18n (~> 0.6, >= 0.6.4)
      minitest (~> 4.2)
      multi_json (~> 1.3)
      thread_safe (~> 0.1)
      tzinfo (~> 0.3.37)
    airbrake (3.1.12)
      activesupport
      builder
      json
    arel (4.0.2)
    asset_sync (1.0.0)
      activemodel
      fog (>= 1.8.0)
    atomic (1.1.14)
    bcrypt-ruby (3.1.1)
    builder (3.1.4)
    canard (0.4.1)
      cancan
      role_model
    cancan (1.6.10)
    closure-compiler (1.1.10)
    coffee-rails (4.0.1)
      coffee-script (>= 2.2.0)
      railties (>= 4.0.0, < 5.0)
    coffee-script (2.2.0)
      coffee-script-source
      execjs
    coffee-script-source (1.6.3)
    colorize (0.5.8)
    comma (3.0.4)
    coveralls (0.6.7)
      colorize
      multi_json (~> 1.3)
      rest-client
      simplecov (>= 0.7)
      thor
    dalli (2.6.4)
    database_cleaner (1.1.1)
    devise (3.0.1)
      bcrypt-ruby (~> 3.0)
      orm_adapter (~> 0.1)
      railties (>= 3.2.6, < 5)
      warden (~> 1.2.3)
    diff-lcs (1.2.4)
    erubis (2.7.0)
    excon (0.25.3)
    execjs (1.4.0)
      multi_json (~> 1.0)
    fabrication (2.7.2)
    faker (1.2.0)
      i18n (~> 0.5)
    fakeweb (1.3.0)
    fog (1.14.0)
      builder
      excon (~> 0.25.0)
      formatador (~> 0.2.0)
      mime-types
      multi_json (~> 1.0)
      net-scp (~> 1.1)
      net-ssh (>= 2.1.3)
      nokogiri (~> 1.5)
      ruby-hmac
    formatador (0.2.4)
    gravatar_image_tag (1.1.3)
    haml (4.0.3)
      tilt
    haml-rails (0.4)
      actionpack (>= 3.1, < 4.1)
      activesupport (>= 3.1, < 4.1)
      haml (>= 3.1, < 4.1)
      railties (>= 3.1, < 4.1)
    hike (1.2.3)
    i18n (0.6.9)
    jquery-rails (3.0.4)
      railties (>= 3.0, < 5.0)
      thor (>= 0.14, < 2.0)
    json (1.8.0)
    kgio (2.8.0)
    mail (2.5.4)
      mime-types (~> 1.16)
      treetop (~> 1.4.8)
    metaclass (0.0.1)
    mime-types (1.25.1)
    mini_portile (0.5.1)
    minitest (4.7.5)
    mocha (0.13.3)
      metaclass (~> 0.0.1)
    moped (1.5.0)
    multi_json (1.8.4)
    net-scp (1.1.2)
      net-ssh (>= 2.6.5)
    net-ssh (2.6.8)
    newrelic_rpm (3.6.6.147)
    nokogiri (1.6.0)
      mini_portile (~> 0.5.0)
    origin (1.1.0)
    orm_adapter (0.4.0)
    polyglot (0.3.4)
    protected_attributes (1.0.3)
      activemodel (>= 4.0.0, < 5.0)
    rack (1.5.2)
    rack-test (0.6.2)
      rack (>= 1.0)
    rails (4.0.3)
      actionmailer (= 4.0.3)
      actionpack (= 4.0.3)
      activerecord (= 4.0.3)
      activesupport (= 4.0.3)
      bundler (>= 1.3.0, < 2.0)
      railties (= 4.0.3)
      sprockets-rails (~> 2.0.0)
    railties (4.0.3)
      actionpack (= 4.0.3)
      activesupport (= 4.0.3)
      rake (>= 0.8.7)
      thor (>= 0.18.1, < 2.0)
    raindrops (0.11.0)
    rake (10.1.1)
    redcarpet (3.0.0)
    rest-client (1.6.7)
      mime-types (>= 1.16)
    role_model (0.8.1)
    rspec (2.14.1)
      rspec-core (~> 2.14.0)
      rspec-expectations (~> 2.14.0)
      rspec-mocks (~> 2.14.0)
    rspec-core (2.14.4)
    rspec-expectations (2.14.0)
      diff-lcs (>= 1.1.3, < 2.0)
    rspec-mocks (2.14.2)
    rspec-rails (2.14.0)
      actionpack (>= 3.0)
      activesupport (>= 3.0)
      railties (>= 3.0)
      rspec-core (~> 2.14.0)
      rspec-expectations (~> 2.14.0)
      rspec-mocks (~> 2.14.0)
    ruby-hmac (0.4.0)
    sass (3.2.13)
    sass-rails (4.0.1)
      railties (>= 4.0.0, < 5.0)
      sass (>= 3.1.10)
      sprockets-rails (~> 2.0.0)
    sendgrid (1.2.0)
      json
    shoulda-matchers (2.2.0)
      activesupport (>= 3.0.0)
    simplecov (0.7.1)
      multi_json (~> 1.0)
      simplecov-html (~> 0.7.1)
    simplecov-html (0.7.1)
    sprockets (2.11.0)
      hike (~> 1.2)
      multi_json (~> 1.0)
      rack (~> 1.0)
      tilt (~> 1.1, != 1.3.0)
    sprockets-rails (2.0.1)
      actionpack (>= 3.0)
      activesupport (>= 3.0)
      sprockets (~> 2.8)
    tanker (1.1.6)
      json (>= 1.5.1)
    thor (0.18.1)
    thread_safe (0.1.3)
      atomic
    tilt (1.4.1)
    treetop (1.4.15)
      polyglot
      polyglot (>= 0.3.1)
    tzinfo (0.3.38)
    uglifier (2.1.2)
      execjs (>= 0.3.0)
      multi_json (~> 1.0, >= 1.0.2)
    unicorn (4.6.3)
      kgio (~> 2.6)
      rack
      raindrops (~> 0.7)
    vcr (2.5.0)
    warden (1.2.3)
      rack (>= 1.0)
    will_paginate (3.0.4)
    will_paginate_mongoid (1.1.0)
      mongoid (>= 2.4)
      will_paginate (~> 3.0)
    yui-compressor (0.11.0)

PLATFORMS
  ruby

DEPENDENCIES
  airbrake
  asset_sync
  canard
  closure-compiler
  coffee-rails (= 4.0.1)
  comma
  coveralls
  dalli
  database_cleaner
  devise
  fabrication
  faker
  fakeweb
  gravatar_image_tag
  haml-rails
  jquery-rails
  mocha (~> 0.13.2)
  mongoid!
  mongoid-rspec!
  newrelic_rpm
  protected_attributes
  rails (= 4.0.3)
  redcarpet
  rspec-rails
  sass-rails (= 4.0.1)
  sendgrid
  shoulda-matchers
  simplecov
  tanker
  uglifier (>= 1.0.3)
  unicorn
  vcr
  will_paginate_mongoid
  yui-compressor
